GIT
  remote: https://github.com/sumskyi/padrino-pagination.git
  revision: a847b0e517238d98bd606987f252bb8e5461ab68
  specs:
    padrino-pagination (0.0.1)
      padrino

GEM
  remote: https://rubygems.org/
  remote: https://gem.fury.io/crushlovely/
  specs:
    activemodel (5.0.0.1)
      activesupport (= 5.0.0.1)
    activerecord (5.0.0.1)
      activemodel (= 5.0.0.1)
      activesupport (= 5.0.0.1)
      arel (~> 7.0)
    activesupport (5.0.0.1)
      concurrent-ruby (~> 1.0, >= 1.0.2)
      i18n (~> 0.7)
      minitest (~> 5.1)
      tzinfo (~> 1.1)
    arel (7.1.4)
    ast (2.3.0)
    bcrypt (3.1.11)
    concurrent-ruby (1.0.2)
    diff-lcs (1.2.5)
    dotenv (2.1.1)
    enumerable-lazy (0.0.2)
    foreman (0.82.0)
      thor (~> 0.19.1)
    haml (4.0.7)
      tilt
    i18n (0.7.0)
    json (2.0.2)
    kaminari-activerecord (1.0.1)
      activerecord
      kaminari-core (= 1.0.1)
    kaminari-core (1.0.1)
    mail (2.6.4)
      mime-types (>= 1.16, < 4)
    mime-types (2.99.3)
    minitest (5.9.1)
    moneta (0.8.0)
    mustermann19 (0.4.4)
      enumerable-lazy
    padrino (0.13.3.2)
      padrino-admin (= 0.13.3.2)
      padrino-cache (= 0.13.3.2)
      padrino-core (= 0.13.3.2)
      padrino-gen (= 0.13.3.2)
      padrino-helpers (= 0.13.3.2)
      padrino-mailer (= 0.13.3.2)
      padrino-support (= 0.13.3.2)
    padrino-admin (0.13.3.2)
      padrino-core (= 0.13.3.2)
      padrino-helpers (= 0.13.3.2)
    padrino-cache (0.13.3.2)
      moneta (~> 0.8.0)
      padrino-core (= 0.13.3.2)
      padrino-helpers (= 0.13.3.2)
    padrino-cookies (0.1.2)
      padrino-core
    padrino-core (0.13.3.2)
      activesupport (>= 3.1)
      mustermann19
      padrino-support (= 0.13.3.2)
      rack-protection (>= 1.5.0)
      sinatra (>= 1.4.6)
      thor (~> 0.18)
    padrino-gen (0.13.3.2)
      bundler (~> 1.0)
      padrino-core (= 0.13.3.2)
    padrino-helpers (0.13.3.2)
      i18n (~> 0.6, >= 0.6.7)
      padrino-support (= 0.13.3.2)
      tilt (>= 1.4.1, < 3)
    padrino-mailer (0.13.3.2)
      mail (~> 2.5)
      mime-types (< 3)
      padrino-core (= 0.13.3.2)
    padrino-support (0.13.3.2)
      activesupport (>= 3.1)
    parser (2.3.1.4)
      ast (~> 2.2)
    pg (0.19.0)
    powerpack (0.1.1)
    puma (3.6.0)
    rack (1.6.4)
    rack-cache (1.7.0)
      rack (>= 0.4)
    rack-iamnotarobot (0.1.3)
      json
    rack-protection (1.5.3)
      rack
    rack-test (0.6.3)
      rack (>= 1.0)
    rainbow (2.1.0)
    rake (11.3.0)
    rspec (3.5.0)
      rspec-core (~> 3.5.0)
      rspec-expectations (~> 3.5.0)
      rspec-mocks (~> 3.5.0)
    rspec-core (3.5.4)
      rspec-support (~> 3.5.0)
    rspec-expectations (3.5.0)
      diff-lcs (>= 1.2.0, < 2.0)
      rspec-support (~> 3.5.0)
    rspec-mocks (3.5.0)
      diff-lcs (>= 1.2.0, < 2.0)
      rspec-support (~> 3.5.0)
    rspec-support (3.5.0)
    rubocop (0.45.0)
      parser (>= 2.3.1.1, < 3.0)
      powerpack (~> 0.1)
      rainbow (>= 1.99.1, < 3.0)
      ruby-progressbar (~> 1.7)
      unicode-display_width (~> 1.0, >= 1.0.1)
    ruby-progressbar (1.8.1)
    sass (3.4.22)
    shotgun (0.9.2)
      rack (>= 1.0)
    sinatra (1.4.7)
      rack (~> 1.5)
      rack-protection (~> 1.4)
      tilt (>= 1.3, < 3)
    thor (0.19.1)
    thread_safe (0.3.5)
    tilt (2.0.5)
    tzinfo (1.2.2)
      thread_safe (~> 0.1)
    unicode-display_width (1.1.1)

PLATFORMS
  ruby

DEPENDENCIES
  activerecord (>= 3.1)
  bcrypt
  dotenv
  foreman
  haml
  kaminari-activerecord
  kaminari-core
  padrino
  padrino-cookies
  padrino-pagination!
  pg
  puma
  rack-cache
  rack-iamnotarobot
  rack-test
  rake
  rspec
  rubocop
  sass
  shotgun

RUBY VERSION
   ruby 2.3.1p112

BUNDLED WITH
   1.13.1
